GEM
  specs:
    diff-lcs (1.4.4)
    nokogiri (1.11.1-x86_64-linux)
      racc (~> 1.4)
    open-uri (0.1.0)
    racc (1.4.16)
    rspec (3.10.0)
      rspec-core (~> 3.10.0)
      rspec-expectations (~> 3.10.0)
      rspec-mocks (~> 3.10.0)
    rspec-core (3.10.1)
      rspec-support (~> 3.10.0)
    rspec-expectations (3.10.1)
      diff-lcs (>= 1.2.0, < 2.0)
      rspec-support (~> 3.10.0)
    rspec-mocks (3.10.1)
      diff-lcs (>= 1.2.0, < 2.0)
      rspec-support (~> 3.10.0)
    rspec-support (3.10.1)
    rufo (0.6.1)

PLATFORMS
  ruby
  x86_64-linux

DEPENDENCIES
  nokogiri
  open-uri
  rspec
  rufo

BUNDLED WITH
   2.2.6
